GEM
  remote: https://rubygems.org/
  specs:
    bigcommerce (1.0.1)
      faraday (~> 0.11)
      faraday_middleware (~> 0.11)
      hashie (~> 3.4)
      jwt (~> 1.5.4)
    faraday (0.15.2)
      multipart-post (>= 1.2, < 3)
    faraday_middleware (0.12.2)
      faraday (>= 0.7.4, < 1.0)
    hashie (3.6.0)
    jwt (1.5.6)
    multipart-post (2.0.0)

PLATFORMS
  ruby

DEPENDENCIES
  bigcommerce

BUNDLED WITH
   1.16.4
